GEM
  remote: http://rubygems.org/
  specs:
    oembed (0.1.0)

PLATFORMS
  ruby

DEPENDENCIES
  oembed
