GEM
  remote: http://rubygems.org/
  specs:
    ruby-oembed (0.8.8)

PLATFORMS
  ruby

DEPENDENCIES
  ruby-oembed
